<<<<<<< HEAD
GEM
  remote: https://rubygems.org/
  specs:
    actioncable (5.1.0.rc2)
      actionpack (= 5.1.0.rc2)
      nio4r (~> 2.0)
      websocket-driver (~> 0.6.1)
    actionmailer (5.1.0.rc2)
      actionpack (= 5.1.0.rc2)
      actionview (= 5.1.0.rc2)
      activejob (= 5.1.0.rc2)
      mail (~> 2.5, >= 2.5.4)
      rails-dom-testing (~> 2.0)
    actionpack (5.1.0.rc2)
      actionview (= 5.1.0.rc2)
      activesupport (= 5.1.0.rc2)
=======
GIT
  remote: https://github.com/rails/sass-rails.git
  revision: dfbcc6a53653d8908007e26324a0f299f026ec4f
  specs:
    sass-rails (6.0.0.beta1)
      railties (>= 4.0.0, < 5.1)
      sass (~> 3.4)
      sprockets (~> 4.x)
      sprockets-rails (< 4.0)

GEM
  remote: https://rubygems.org/
  specs:
    actioncable (5.1.0.rc1)
      actionpack (= 5.1.0.rc1)
      nio4r (~> 2.0)
      websocket-driver (~> 0.6.1)
    actionmailer (5.1.0.rc1)
      actionpack (= 5.1.0.rc1)
      actionview (= 5.1.0.rc1)
      activejob (= 5.1.0.rc1)
      mail (~> 2.5, >= 2.5.4)
      rails-dom-testing (~> 2.0)
    actionpack (5.1.0.rc1)
      actionview (= 5.1.0.rc1)
      activesupport (= 5.1.0.rc1)
>>>>>>> 67f9507c7c8a09c417f331808a96e00234ea66ba
      rack (~> 2.0)
      rack-test (~> 0.6.3)
      rails-dom-testing (~> 2.0)
      rails-html-sanitizer (~> 1.0, >= 1.0.2)
<<<<<<< HEAD
    actionview (5.1.0.rc2)
      activesupport (= 5.1.0.rc2)
=======
    actionview (5.1.0.rc1)
      activesupport (= 5.1.0.rc1)
>>>>>>> 67f9507c7c8a09c417f331808a96e00234ea66ba
      builder (~> 3.1)
      erubi (~> 1.4)
      rails-dom-testing (~> 2.0)
      rails-html-sanitizer (~> 1.0, >= 1.0.3)
<<<<<<< HEAD
    activejob (5.1.0.rc2)
      activesupport (= 5.1.0.rc2)
      globalid (>= 0.3.6)
    activemodel (5.1.0.rc2)
      activesupport (= 5.1.0.rc2)
    activerecord (5.1.0.rc2)
      activemodel (= 5.1.0.rc2)
      activesupport (= 5.1.0.rc2)
      arel (~> 8.0)
    activesupport (5.1.0.rc2)
=======
    activejob (5.1.0.rc1)
      activesupport (= 5.1.0.rc1)
      globalid (>= 0.3.6)
    activemodel (5.1.0.rc1)
      activesupport (= 5.1.0.rc1)
    activerecord (5.1.0.rc1)
      activemodel (= 5.1.0.rc1)
      activesupport (= 5.1.0.rc1)
      arel (~> 8.0)
    activesupport (5.1.0.rc1)
>>>>>>> 67f9507c7c8a09c417f331808a96e00234ea66ba
      concurrent-ruby (~> 1.0, >= 1.0.2)
      i18n (~> 0.7)
      minitest (~> 5.1)
      tzinfo (~> 1.1)
    addressable (2.5.1)
      public_suffix (~> 2.0, >= 2.0.2)
    arel (8.0.0)
<<<<<<< HEAD
=======
    bcrypt (3.1.11)
>>>>>>> 67f9507c7c8a09c417f331808a96e00234ea66ba
    bindex (0.5.0)
    builder (3.2.3)
    byebug (9.0.6)
    capybara (2.13.0)
      addressable
      mime-types (>= 1.16)
      nokogiri (>= 1.3.3)
      rack (>= 1.0.0)
      rack-test (>= 0.5.4)
      xpath (~> 2.0)
    childprocess (0.6.3)
      ffi (~> 1.0, >= 1.0.11)
    coffee-rails (4.2.1)
      coffee-script (>= 2.2.0)
      railties (>= 4.0.0, < 5.2.x)
    coffee-script (2.4.1)
      coffee-script-source
      execjs
    coffee-script-source (1.12.2)
    concurrent-ruby (1.0.5)
<<<<<<< HEAD
    erubi (1.6.0)
=======
    devise (4.2.1)
      bcrypt (~> 3.0)
      orm_adapter (~> 0.1)
      railties (>= 4.1.0, < 5.1)
      responders
      warden (~> 1.2.3)
    erubi (1.6.0)
    erubis (2.7.0)
>>>>>>> 67f9507c7c8a09c417f331808a96e00234ea66ba
    execjs (2.7.0)
    ffi (1.9.18)
    globalid (0.4.0)
      activesupport (>= 4.2.0)
<<<<<<< HEAD
=======
    haml (4.0.7)
      tilt
    haml-rails (0.9.0)
      actionpack (>= 4.0.1)
      activesupport (>= 4.0.1)
      haml (>= 4.0.6, < 5.0)
      html2haml (>= 1.0.1)
      railties (>= 4.0.1)
    html2haml (2.1.0)
      erubis (~> 2.7.0)
      haml (~> 4.0)
      nokogiri (>= 1.6.0)
      ruby_parser (~> 3.5)
>>>>>>> 67f9507c7c8a09c417f331808a96e00234ea66ba
    i18n (0.8.1)
    jbuilder (2.6.3)
      activesupport (>= 3.0.0, < 5.2)
      multi_json (~> 1.2)
    listen (3.1.5)
      rb-fsevent (~> 0.9, >= 0.9.4)
      rb-inotify (~> 0.9, >= 0.9.7)
      ruby_dep (~> 1.2)
    loofah (2.0.3)
      nokogiri (>= 1.5.9)
    mail (2.6.4)
      mime-types (>= 1.16, < 4)
    method_source (0.8.2)
    mime-types (3.1)
      mime-types-data (~> 3.2015)
    mime-types-data (3.2016.0521)
    mini_portile2 (2.1.0)
    minitest (5.10.1)
    multi_json (1.12.1)
    nio4r (2.0.0)
    nokogiri (1.7.1)
      mini_portile2 (~> 2.1.0)
<<<<<<< HEAD
=======
    orm_adapter (0.5.0)
>>>>>>> 67f9507c7c8a09c417f331808a96e00234ea66ba
    pg (0.20.0)
    public_suffix (2.0.5)
    puma (3.8.2)
    rack (2.0.1)
    rack-test (0.6.3)
      rack (>= 1.0)
<<<<<<< HEAD
    rails (5.1.0.rc2)
      actioncable (= 5.1.0.rc2)
      actionmailer (= 5.1.0.rc2)
      actionpack (= 5.1.0.rc2)
      actionview (= 5.1.0.rc2)
      activejob (= 5.1.0.rc2)
      activemodel (= 5.1.0.rc2)
      activerecord (= 5.1.0.rc2)
      activesupport (= 5.1.0.rc2)
      bundler (>= 1.3.0, < 2.0)
      railties (= 5.1.0.rc2)
=======
    rails (5.1.0.rc1)
      actioncable (= 5.1.0.rc1)
      actionmailer (= 5.1.0.rc1)
      actionpack (= 5.1.0.rc1)
      actionview (= 5.1.0.rc1)
      activejob (= 5.1.0.rc1)
      activemodel (= 5.1.0.rc1)
      activerecord (= 5.1.0.rc1)
      activesupport (= 5.1.0.rc1)
      bundler (>= 1.3.0, < 2.0)
      railties (= 5.1.0.rc1)
>>>>>>> 67f9507c7c8a09c417f331808a96e00234ea66ba
      sprockets-rails (>= 2.0.0)
    rails-dom-testing (2.0.2)
      activesupport (>= 4.2.0, < 6.0)
      nokogiri (~> 1.6)
    rails-html-sanitizer (1.0.3)
      loofah (~> 2.0)
<<<<<<< HEAD
    railties (5.1.0.rc2)
      actionpack (= 5.1.0.rc2)
      activesupport (= 5.1.0.rc2)
=======
    railties (5.1.0.rc1)
      actionpack (= 5.1.0.rc1)
      activesupport (= 5.1.0.rc1)
>>>>>>> 67f9507c7c8a09c417f331808a96e00234ea66ba
      method_source
      rake (>= 0.8.7)
      thor (>= 0.18.1, < 2.0)
    rake (12.0.0)
    rb-fsevent (0.9.8)
    rb-inotify (0.9.8)
      ffi (>= 0.5.0)
<<<<<<< HEAD
    ruby_dep (1.5.0)
    rubyzip (1.2.1)
    sass (3.4.23)
    sass-rails (5.0.6)
      railties (>= 4.0.0, < 6)
      sass (~> 3.1)
      sprockets (>= 2.8, < 4.0)
      sprockets-rails (>= 2.0, < 4.0)
      tilt (>= 1.1, < 3)
    selenium-webdriver (3.4.0)
      childprocess (~> 0.5)
      rubyzip (~> 1.0)
      websocket (~> 1.0)
=======
    responders (2.3.0)
      railties (>= 4.2.0, < 5.1)
    ruby_dep (1.5.0)
    ruby_parser (3.9.0)
      sexp_processor (~> 4.1)
    rubyzip (1.2.1)
    sass (3.4.23)
    selenium-webdriver (3.3.0)
      childprocess (~> 0.5)
      rubyzip (~> 1.0)
      websocket (~> 1.0)
    sexp_processor (4.9.0)
>>>>>>> 67f9507c7c8a09c417f331808a96e00234ea66ba
    spring (2.0.1)
      activesupport (>= 4.2)
    spring-watcher-listen (2.0.1)
      listen (>= 2.7, < 4.0)
      spring (>= 1.2, < 3.0)
<<<<<<< HEAD
    sprockets (3.7.1)
=======
    sprockets (4.0.0.beta4)
>>>>>>> 67f9507c7c8a09c417f331808a96e00234ea66ba
      concurrent-ruby (~> 1.0)
      rack (> 1, < 3)
    sprockets-rails (3.2.0)
      actionpack (>= 4.0)
      activesupport (>= 4.0)
      sprockets (>= 3.0.0)
    thor (0.19.4)
    thread_safe (0.3.6)
    tilt (2.0.7)
    turbolinks (5.0.1)
      turbolinks-source (~> 5)
    turbolinks-source (5.0.0)
    tzinfo (1.2.3)
      thread_safe (~> 0.1)
    uglifier (3.2.0)
      execjs (>= 0.3.0, < 3)
<<<<<<< HEAD
=======
    warden (1.2.7)
      rack (>= 1.0)
>>>>>>> 67f9507c7c8a09c417f331808a96e00234ea66ba
    web-console (3.5.0)
      actionview (>= 5.0)
      activemodel (>= 5.0)
      bindex (>= 0.4.0)
      railties (>= 5.0)
    webpacker (1.1)
      activesupport (>= 4.2)
      multi_json (~> 1.2)
      railties (>= 4.2)
<<<<<<< HEAD
=======
    webpacker-react (0.2.0)
      webpacker
>>>>>>> 67f9507c7c8a09c417f331808a96e00234ea66ba
    websocket (1.2.4)
    websocket-driver (0.6.5)
      websocket-extensions (>= 0.1.0)
    websocket-extensions (0.1.2)
    xpath (2.0.0)
      nokogiri (~> 1.3)

PLATFORMS
  ruby

DEPENDENCIES
  byebug
  capybara (~> 2.13.0)
  coffee-rails (~> 4.2)
<<<<<<< HEAD
=======
  devise
  haml-rails
>>>>>>> 67f9507c7c8a09c417f331808a96e00234ea66ba
  jbuilder (~> 2.5)
  listen (>= 3.0.5, < 3.2)
  pg (~> 0.18)
  puma (~> 3.7)
<<<<<<< HEAD
  rails (~> 5.1.0.rc2)
  sass-rails (~> 5.0)
=======
  rails (~> 5.1.0.rc1)
  sass-rails!
>>>>>>> 67f9507c7c8a09c417f331808a96e00234ea66ba
  selenium-webdriver
  spring
  spring-watcher-listen (~> 2.0.0)
  turbolinks (~> 5)
  tzinfo-data
  uglifier (>= 1.3.0)
  web-console (>= 3.3.0)
  webpacker
<<<<<<< HEAD
=======
  webpacker-react (~> 0.2.0)
>>>>>>> 67f9507c7c8a09c417f331808a96e00234ea66ba

BUNDLED WITH
   1.14.6
